GIT
  remote: http://github.com/RubyGemTSL/blinkr
  revision: 1d7525ac3fa7aa0250975b5699f98e1c15456051
  branch: blinkr_1.0.0_beta
  specs:
    blinkr (1.0.0)
      capybara (~> 3.7.2)
      colorize
      ffi (= 1.9.18)
      nokogiri (~> 1.8)
      parallel (~> 1.12, >= 1.12.1)
      selenium-webdriver (~> 3.8)
      slim (~> 3.0, >= 3.0.9)
      typhoeus (~> 1.3)

GEM
  remote: http://rubygems.org/
  specs:
    addressable (2.5.2)
      public_suffix (>= 2.0.2, < 4.0)
    builder (3.2.3)
    capybara (3.7.2)
      addressable
      mini_mime (>= 0.1.3)
      nokogiri (~> 1.8)
      rack (>= 1.6.0)
      rack-test (>= 0.6.3)
      xpath (~> 3.1)
    childprocess (0.9.0)
      ffi (~> 1.0, >= 1.0.11)
    colorize (0.8.1)
    ethon (0.11.0)
      ffi (>= 1.3.0)
    ffi (1.9.18)
    mini_mime (1.0.1)
    mini_portile2 (2.3.0)
    nokogiri (1.8.4)
      mini_portile2 (~> 2.3.0)
    parallel (1.12.1)
    public_suffix (3.0.3)
    rack (2.0.5)
    rack-test (1.1.0)
      rack (>= 1.0, < 3)
    rubyzip (1.2.2)
    selenium-webdriver (3.14.0)
      childprocess (~> 0.5)
      rubyzip (~> 1.2)
    slim (3.0.9)
      temple (>= 0.7.6, < 0.9)
      tilt (>= 1.3.3, < 2.1)
    temple (0.8.0)
    tilt (2.0.8)
    typhoeus (1.3.0)
      ethon (>= 0.9.0)
    xpath (3.1.0)
      nokogiri (~> 1.8)

PLATFORMS
  ruby

DEPENDENCIES
  blinkr!
  builder (~> 3.2, >= 3.2.3)

BUNDLED WITH
   1.16.4
