GIT
  remote: http://github.com/RubyGemTSL/blinkr
  revision: ebe83e66243a6480398c3493f55344b686483682
  branch: ignore_external_urls
  specs:
    blinkr (0.3.9)
      colorize
      nokogiri (~> 1.5)
      parallel (~> 1.3)
      slim (~> 3.0)
      typhoeus (~> 0.7)
    blinkr (0.3.9-java)
      colorize
      manticore (~> 0.4)
      nokogiri (~> 1.5)
      parallel (~> 1.3)
      slim (~> 3.0)
      typhoeus (~> 0.7)

GEM
  remote: http://rubygems.org/
  specs:
    addressable (2.5.1)
      public_suffix (~> 2.0, >= 2.0.2)
    colorize (0.8.1)
    ethon (0.10.1)
      ffi (>= 1.3.0)
    faraday (0.12.1)
      multipart-post (>= 1.2, < 3)
    ffi (1.9.18)
    ffi (1.9.18-java)
    manticore (0.6.1-java)
    mini_portile2 (2.1.0)
    multipart-post (2.0.0)
    nokogiri (1.7.2)
      mini_portile2 (~> 2.1.0)
    nokogiri (1.7.2-java)
    octokit (4.7.0)
      sawyer (~> 0.8.0, >= 0.5.3)
    parallel (1.11.2)
    public_suffix (2.0.5)
    sawyer (0.8.1)
      addressable (>= 2.3.5, < 2.6)
      faraday (~> 0.8, < 1.0)
    slim (3.0.8)
      temple (>= 0.7.6, < 0.9)
      tilt (>= 1.3.3, < 2.1)
    temple (0.8.0)
    tilt (2.0.7)
    typhoeus (0.8.0)
      ethon (>= 0.8.0)

PLATFORMS
  java
  ruby

DEPENDENCIES
  blinkr!
  octokit

BUNDLED WITH
   1.14.6
