GIT
  remote: http://github.com/RubyGemTSL/blinkr
  revision: 80a73b19d3d2a8a62ede4ef079c93018c3bd64c6
  branch: additional_features
  specs:
    blinkr (0.3.9)
      colorize
      nokogiri (~> 1.7.2)
      parallel (~> 1.11.2)
      slim (~> 3.0.8)
      typhoeus (~> 1.1.2)

GEM
  remote: http://rubygems.org/
  specs:
    addressable (2.5.1)
      public_suffix (~> 2.0, >= 2.0.2)
    colorize (0.8.1)
    ethon (0.10.1)
      ffi (>= 1.3.0)
    faraday (0.12.1)
      multipart-post (>= 1.2, < 3)
    ffi (1.9.18)
    mini_portile2 (2.1.0)
    multipart-post (2.0.0)
    nokogiri (1.7.2)
      mini_portile2 (~> 2.1.0)
    octokit (4.7.0)
      sawyer (~> 0.8.0, >= 0.5.3)
    parallel (1.11.2)
    public_suffix (2.0.5)
    sawyer (0.8.1)
      addressable (>= 2.3.5, < 2.6)
      faraday (~> 0.8, < 1.0)
    slim (3.0.8)
      temple (>= 0.7.6, < 0.9)
      tilt (>= 1.3.3, < 2.1)
    temple (0.8.0)
    tilt (2.0.7)
    typhoeus (1.1.2)
      ethon (>= 0.9.0)

PLATFORMS
  ruby

DEPENDENCIES
  blinkr!
  octokit

BUNDLED WITH
   1.14.6
