GIT
  remote: https://github.com/awestruct/aweplug
  revision: 3d8cf156bb7f2f3ccee81627c05e08525c536bce
  specs:
    aweplug (1.0.0.a24)
      curb (~> 0.8.5)
      faraday (>= 0.8.7, < 1.0.0)
      faraday_middleware (>= 0.9.0)
      google-api-client (~> 0.7, < 0.9)
      kramdown (~> 1.0.2)
      nokogiri (~> 1.5)
      oauth (~> 0.3.6)
      octokit (>= 1.24.0)
      parallel (> 1.0.0)
      ruby-duration (~> 3.2)
      sass (< 3.4.6)
      typhoeus (~> 0.7)
      uglifier (~> 2.0.1)
      xml-simple (~> 1.1)

GIT
  remote: https://github.com/lightguard/awestruct
  revision: 1f0bba05cda0ed7452cb8e0e5c0eceb63f78e0e0
  branch: feature/perf-testing-large-site
  specs:
    awestruct (0.6.0.alpha)
      asciidoctor (~> 1.5, >= 1.5.2)
      git (~> 1.2, >= 1.2.6)
      guard (~> 2.13, >= 2.13.0)
      guard-livereload (~> 2.1, >= 2.1.2)
      haml (~> 4.0, >= 4.0.5)
      listen (>= 2.7.1, <= 4.0)
      logging (~> 2.0)
      mime-types (~> 2.1)
      oga (~> 1.3)
      parallel (~> 1.1, > 1.1.1)
      rack (~> 1.5, >= 1.5.2)
      rest-client (~> 1.7, >= 1.7.2)
      tilt (~> 2.0, >= 2.0.1)

GEM
  remote: http://rubygems.org/
  specs:
    POpen4 (0.1.4)
      Platform (>= 0.4.0)
      open4
    Platform (0.4.0)
    activesupport (4.1.16)
      i18n (~> 0.6, >= 0.6.9)
      json (~> 1.7, >= 1.7.7)
      minitest (~> 5.1)
      thread_safe (~> 0.1)
      tzinfo (~> 1.1)
    addressable (2.5.0)
      public_suffix (~> 2.0, >= 2.0.2)
    ansi (1.5.0)
    asciidoctor (1.5.5)
    ast (2.3.0)
    astrolabe (1.3.1)
      parser (~> 2.2)
    autoparse (0.3.3)
      addressable (>= 2.3.1)
      extlib (>= 0.9.15)
      multi_json (>= 1.0.0)
    builder (3.2.2)
    byebug (9.0.6)
    chunky_png (1.3.7)
    climate_control (0.0.3)
      activesupport (>= 3.0)
    coderay (1.1.1)
    compass (1.0.3)
      chunky_png (~> 1.2)
      compass-core (~> 1.0.2)
      compass-import-once (~> 1.0.5)
      rb-fsevent (>= 0.9.3)
      rb-inotify (>= 0.9)
      sass (>= 3.3.13, < 3.5)
    compass-core (1.0.3)
      multi_json (~> 1.0)
      sass (>= 3.3.0, < 3.5)
    compass-import-once (1.0.5)
      sass (>= 3.2, < 3.5)
    crack (0.4.3)
      safe_yaml (~> 1.0.0)
    curb (0.8.8)
    daybreak (0.3.0)
    diff-lcs (1.2.5)
    docker-api (1.32.1)
      excon (>= 0.38.0)
      json
    domain_name (0.5.20161021)
      unf (>= 0.0.5, < 1.0.0)
    em-websocket (0.5.1)
      eventmachine (>= 0.12.9)
      http_parser.rb (~> 0.6.0)
    ethon (0.9.1)
      ffi (>= 1.3.0)
    eventmachine (1.2.0.1)
    excon (0.54.0)
    execjs (2.7.0)
    extlib (0.9.16)
    faker (1.6.6)
      i18n (~> 0.5)
    faraday (0.9.2)
      multipart-post (>= 1.2, < 3)
    faraday_middleware (0.10.1)
      faraday (>= 0.7.4, < 1.0)
    ffi (1.9.14)
    formatador (0.2.5)
    git (1.2.9.1)
    google-api-client (0.8.7)
      activesupport (>= 3.2, < 5.0)
      addressable (~> 2.3)
      autoparse (~> 0.3)
      extlib (~> 0.9)
      faraday (~> 0.9)
      googleauth (~> 0.3)
      launchy (~> 2.4)
      multi_json (~> 1.10)
      retriable (~> 1.4)
      signet (~> 0.6)
    googleauth (0.5.1)
      faraday (~> 0.9)
      jwt (~> 1.4)
      logging (~> 2.0)
      memoist (~> 0.12)
      multi_json (~> 1.11)
      os (~> 0.9)
      signet (~> 0.7)
    gpgme (2.0.12)
      mini_portile2 (~> 2.1.0)
    guard (2.14.0)
      formatador (>= 0.2.4)
      listen (>= 2.7, < 4.0)
      lumberjack (~> 1.0)
      nenv (~> 0.1)
      notiffany (~> 0.0)
      pry (>= 0.9.12)
      shellany (~> 0.0)
      thor (>= 0.18.1)
    guard-compat (1.2.1)
    guard-livereload (2.5.2)
      em-websocket (~> 0.5)
      guard (~> 2.8)
      guard-compat (~> 1.0)
      multi_json (~> 1.8)
    guard-minitest (2.4.6)
      guard-compat (~> 1.2)
      minitest (>= 3.0)
    haml (4.0.7)
      tilt
    hashdiff (0.3.0)
    htmlcompressor (0.0.7)
      yui-compressor (~> 0.9.6)
    http-cookie (1.0.3)
      domain_name (~> 0.5)
    http_parser.rb (0.6.0)
    i18n (0.7.0)
    iso8601 (0.9.1)
    json (1.8.3)
    jwt (1.5.6)
    kramdown (1.0.2)
    launchy (2.4.3)
      addressable (~> 2.3)
    libv8 (3.16.14.15)
    listen (3.0.8)
      rb-fsevent (~> 0.9, >= 0.9.4)
      rb-inotify (~> 0.9, >= 0.9.7)
    little-plugger (1.1.4)
    logging (2.1.0)
      little-plugger (~> 1.1)
      multi_json (~> 1.10)
    lumberjack (1.0.10)
    macaddr (1.7.1)
      systemu (~> 2.6.2)
    memoist (0.15.0)
    metaclass (0.0.4)
    method_source (0.8.2)
    mime-types (2.1)
    mini_portile2 (2.1.0)
    minitest (5.9.1)
    minitest-reporters (1.1.12)
      ansi
      builder
      minitest (>= 5.0)
      ruby-progressbar
    mocha (1.2.1)
      metaclass (~> 0.0.1)
    multi_json (1.12.1)
    multipart-post (2.0.0)
    nenv (0.3.0)
    netrc (0.11.0)
    nokogiri (1.6.8.1)
      mini_portile2 (~> 2.1.0)
    notiffany (0.1.1)
      nenv (~> 0.1)
      shellany (~> 0.0)
    oauth (0.3.6)
      ruby-hmac (>= 0.3.1)
    octokit (4.6.0)
      sawyer (~> 0.8.0, >= 0.5.3)
    oga (1.3.1)
      ast
      ruby-ll (~> 2.1)
    oily_png (1.1.2)
      chunky_png (~> 1.3.1)
    open4 (1.3.4)
    os (0.9.6)
    parallel (1.9.0)
    parallel_tests (1.9.0)
      parallel
    parser (2.4.0.0)
      ast (~> 2.2)
    powerpack (0.1.1)
    pry (0.10.4)
      coderay (~> 1.1.0)
      method_source (~> 0.8.1)
      slop (~> 3.4)
    pry-byebug (3.4.0)
      byebug (~> 9.0)
      pry (~> 0.10)
    public_suffix (2.0.4)
    rack (1.6.4)
    rainbow (2.2.1)
    rake (10.5.0)
    rb-fchange (0.0.6)
      ffi
    rb-fsevent (0.9.8)
    rb-inotify (0.9.7)
      ffi (>= 0.5.0)
    ref (2.0.0)
    report_builder (0.1.2)
      builder (~> 3.2, >= 3.2.2)
      json (~> 1.8, >= 1.8.1)
    require_all (1.3.3)
    rest-client (1.8.0)
      http-cookie (>= 1.0.2, < 2.0)
      mime-types (>= 1.16, < 3.0)
      netrc (~> 0.7)
    retriable (1.4.1)
    rspec (3.5.0)
      rspec-core (~> 3.5.0)
      rspec-expectations (~> 3.5.0)
      rspec-mocks (~> 3.5.0)
    rspec-core (3.5.4)
      rspec-support (~> 3.5.0)
    rspec-expectations (3.5.0)
      diff-lcs (>= 1.2.0, < 2.0)
      rspec-support (~> 3.5.0)
    rspec-mocks (3.5.0)
      diff-lcs (>= 1.2.0, < 2.0)
      rspec-support (~> 3.5.0)
    rspec-support (3.5.0)
    rubocop (0.34.2)
      astrolabe (~> 1.3)
      parser (>= 2.2.2.5, < 3.0)
      powerpack (~> 0.1)
      rainbow (>= 1.99.1, < 3.0)
      ruby-progressbar (~> 1.4)
    ruby-duration (3.2.3)
      activesupport (>= 3.0.0)
      i18n
      iso8601
    ruby-hmac (0.4.0)
    ruby-ll (2.1.2)
      ansi
      ast
    ruby-progressbar (1.8.1)
    safe_yaml (1.0.4)
    sass (3.4.5)
    sawyer (0.8.0)
      addressable (>= 2.3.5, < 2.6)
      faraday (~> 0.8, < 0.10)
    shellany (0.0.1)
    signet (0.7.3)
      addressable (~> 2.3)
      faraday (~> 0.9)
      jwt (~> 1.5)
      multi_json (~> 1.10)
    slim (3.0.7)
      temple (~> 0.7.6)
      tilt (>= 1.3.3, < 2.1)
    slop (3.6.0)
    systemu (2.6.5)
    temple (0.7.7)
    therubyracer (0.12.2)
      libv8 (~> 3.16.14.0)
      ref
    thor (0.19.1)
    thread_safe (0.3.5)
    tilt (2.0.5)
    typhoeus (0.8.0)
      ethon (>= 0.8.0)
    tzinfo (1.2.2)
      thread_safe (~> 0.1)
    uglifier (2.0.1)
      execjs (>= 0.3.0)
      multi_json (~> 1.0, >= 1.0.2)
    unf (0.1.4)
      unf_ext
    unf_ext (0.0.7.2)
    uuid (2.3.8)
      macaddr (~> 1.0)
    webmock (2.1.0)
      addressable (>= 2.3.6)
      crack (>= 0.3.2)
      hashdiff
    xml-simple (1.1.5)
    yui-compressor (0.9.6)
      POpen4 (>= 0.1.4)

PLATFORMS
  ruby

DEPENDENCIES
  activesupport (> 3.1, < 4.2.0)
  asciidoctor (~> 1.5.0)
  aweplug!
  awestruct!
  climate_control
  compass (~> 1.0)
  curb (~> 0.8.5)
  daybreak
  docker-api
  faker (~> 1.6, >= 1.6.1)
  git (~> 1.2.5)
  google-api-client (~> 0.8)
  gpgme (~> 2.0)
  guard
  guard-minitest
  htmlcompressor (~> 0.0.6)
  kramdown (~> 1.0.1)
  launchy (~> 2.4)
  listen (= 3.0.8)
  mime-types (= 2.1)
  minitest-reporters
  mocha
  nokogiri (~> 1.6, >= 1.6.8)
  oauth (~> 0.3.6)
  octokit (~> 4.0)
  oily_png (~> 1.1.1)
  parallel (~> 1.1)
  parallel_tests (~> 1.9.0)
  pry
  pry-byebug
  rake (~> 10.4)
  rb-fchange
  rb-fsevent
  rb-inotify
  report_builder (~> 0.1.2)
  require_all (~> 1.3.2)
  rspec (~> 3.3)
  rubocop (~> 0.34.2)
  ruby-duration (~> 3.1)
  sass (~> 3.4, < 3.4.6)
  signet (~> 0.6)
  slim (~> 3.0)
  therubyracer
  uglifier (~> 2.0.1)
  uuid
  webmock (~> 2.0)

BUNDLED WITH
   1.14.3
