GIT
  remote: http://github.com/RubyGemTSL/blinkr
  revision: ca644456d2852215db1241b0a95b3a2b5a44dae8
  branch: blinkr_v0_4_0
  specs:
    blinkr (0.4.0)
      colorize
      nokogiri (~> 1.7.2)
      parallel (~> 1.11.2)
      slim (~> 3.0.8)
      typhoeus (~> 1.1.2)

GEM
  remote: http://rubygems.org/
  specs:
    colorize (0.8.1)
    ethon (0.10.1)
      ffi (>= 1.3.0)
    ffi (1.9.18)
    mini_portile2 (2.1.0)
    nokogiri (1.7.2)
      mini_portile2 (~> 2.1.0)
    parallel (1.11.2)
    slim (3.0.8)
      temple (>= 0.7.6, < 0.9)
      tilt (>= 1.3.3, < 2.1)
    temple (0.8.0)
    tilt (2.0.8)
    typhoeus (1.1.2)
      ethon (>= 0.9.0)

PLATFORMS
  ruby

DEPENDENCIES
  blinkr!

BUNDLED WITH
   1.15.1
