GIT
  remote: http://github.com/RubyGemTSL/blinkr
  revision: 4fa8399d727e1b40902e8e774f5784d4c2e9a0f6
  branch: failhard_option
  specs:
    blinkr (0.4.0)
      colorize
      nokogiri (~> 1.7.2)
      parallel (~> 1.11.2)
      slim (~> 3.0.8)
      typhoeus (~> 1.1.2)

GEM
  remote: http://rubygems.org/
  specs:
    builder (3.2.3)
    colorize (0.8.1)
    ethon (0.11.0)
      ffi (>= 1.3.0)
    ffi (1.9.18)
    mini_portile2 (2.1.0)
    nokogiri (1.7.2)
      mini_portile2 (~> 2.1.0)
    parallel (1.11.2)
    slim (3.0.9)
      temple (>= 0.7.6, < 0.9)
      tilt (>= 1.3.3, < 2.1)
    temple (0.8.0)
    tilt (2.0.8)
    typhoeus (1.1.2)
      ethon (>= 0.9.0)

PLATFORMS
  ruby

DEPENDENCIES
  blinkr!
  builder (~> 3.2, >= 3.2.3)

BUNDLED WITH
   1.15.1
