GEM
  remote: https://rubygems.org/
  specs:
    docker-api (1.28.0)
      excon (>= 0.38.0)
      json
    excon (0.49.0)
    gpgme (2.0.12)
      mini_portile2 (~> 2.1.0)
    json (1.8.3)
    mini_portile2 (2.1.0)

PLATFORMS
  ruby

DEPENDENCIES
  docker-api
  gpgme (~> 2.0)

BUNDLED WITH
   1.11.2
