GEM
  remote: https://rubygems.org/
  specs:
    docker-api (1.28.0)
      excon (>= 0.38.0)
      json
    excon (0.49.0)
    gpgme (2.0.12)
      mini_portile2 (~> 2.1.0)
    json (1.8.3)
    metaclass (0.0.4)
    mini_portile2 (2.1.0)
    mocha (1.1.0)
      metaclass (~> 0.0.1)

PLATFORMS
  ruby

DEPENDENCIES
  docker-api
  gpgme (~> 2.0)
  mocha (~> 1.1)

BUNDLED WITH
   1.11.2
